PATH
  remote: .
  specs:
    fontawesome5-rails (5.3.0.0)

GEM
  remote: https://rubygems.org/
  specs:
    rake (10.5.0)

PLATFORMS
  ruby

DEPENDENCIES
  bundler (~> 1.16)
  fontawesome5-rails!
  rake (~> 10.0)

BUNDLED WITH
   1.17.3
